GEM
  remote: http://rubygems.org/
  specs:
    foreman (0.60.2)
      thor (>= 0.13.6)
    thor (0.16.0)

PLATFORMS
  ruby

DEPENDENCIES
  foreman
